GEM
  remote: http://rubygems.org/
  specs:
    albacore (0.3.6)
      rubyzip (< 1.0.0)
    rake (12.3.0)
    rubyzip (0.9.9)
    xml-simple (1.1.5)

PLATFORMS
  x64-mingw32

DEPENDENCIES
  albacore (~> 0.3)
  rake
  rubyzip (~> 0.9)
  xml-simple

BUNDLED WITH
   1.16.1
